PATH
  remote: .
  specs:
    etrade (0.1.0)
      oauth (~> 0.5.4)

GEM
  remote: https://rubygems.org/
  specs:
    minitest (5.11.3)
    oauth (0.5.4)
    rake (12.3.2)

PLATFORMS
  ruby

DEPENDENCIES
  bundler (~> 1.16)
  etrade!
  minitest (~> 5.0)
  rake (~> 12.3)

BUNDLED WITH
   1.16.6
